GEM
  remote: http://rubygems.org/
  specs:
    backports (2.1.0)
    hashie (1.0.0)
    mechanize (1.0.0)
      nokogiri (>= 1.2.1)
    monkey-lib (0.5.4)
      backports
    nokogiri (1.4.4)
    pit (0.0.6)
    rack (1.2.2)
    sinatra (1.2.3)
      rack (~> 1.1)
      tilt (< 2.0, >= 1.2.2)
    sinatra-advanced-routes (0.5.1)
      monkey-lib (~> 0.5.0)
      sinatra (~> 1.0)
      sinatra-sugar (~> 0.5.0)
    sinatra-reloader (0.5.0)
      sinatra (~> 1.0)
      sinatra-advanced-routes (~> 0.5.0)
    sinatra-sugar (0.5.0)
      monkey-lib (~> 0.5.0)
      sinatra (~> 1.0)
    slim (0.9.2)
      temple (~> 0.2.0)
      tilt (~> 1.2)
    slop (1.5.5)
    temple (0.2.0)
    tilt (1.2.2)

PLATFORMS
  ruby

DEPENDENCIES
  hashie
  mechanize
  pit
  sinatra (>= 1.2)
  sinatra-reloader
  slim
  slop
