GEM
  remote: http://rubygems.org/
  specs:
    hashie (1.0.0)
    mechanize (1.0.0)
      nokogiri (>= 1.2.1)
    nokogiri (1.4.4)
    pit (0.0.6)
    rack (1.2.2)
    sinatra (1.2.3)
      rack (~> 1.1)
      tilt (< 2.0, >= 1.2.2)
    slim (0.9.2)
      temple (~> 0.2.0)
      tilt (~> 1.2)
    slop (1.5.5)
    temple (0.2.0)
    tilt (1.2.2)

PLATFORMS
  ruby

DEPENDENCIES
  hashie
  mechanize
  pit
  sinatra (>= 1.2)
  slim
  slop
